PATH
  remote: .
  specs:
    tapicero (0.1.0)
      couchrest (~> 1.1.3)
      daemons
      yajl-ruby

GEM
  remote: http://rubygems.org/
  specs:
    couchrest (1.1.3)
      mime-types (~> 1.15)
      multi_json (~> 1.0)
      rest-client (~> 1.6.1)
    daemons (1.1.9)
    highline (1.6.19)
    metaclass (0.0.1)
    mime-types (1.25)
    minitest (3.2.0)
    mocha (0.14.0)
      metaclass (~> 0.0.1)
    multi_json (1.8.0)
    rake (10.1.0)
    rest-client (1.6.7)
      mime-types (>= 1.16)
    yajl-ruby (1.1.0)

PLATFORMS
  ruby

DEPENDENCIES
  highline
  minitest (~> 3.2.0)
  mocha
  rake
  tapicero!
